GEM
  remote: https://rubygems.org/
  specs:
    breakpoint (2.0.7)
      compass (>= 0.12.1)
      sass (>= 3.2.0)
    chunky_png (1.2.9)
    compass (0.13.alpha.4)
      chunky_png (~> 1.2)
      listen (<= 0.9.9)
      sass (~> 3.2.5)
    listen (0.7.3)
    oily_png (1.1.0)
      chunky_png (~> 1.2.7)
    rb-fsevent (0.9.4)
    sass (3.2.13)

PLATFORMS
  ruby

DEPENDENCIES
  breakpoint
  compass (= 0.13.alpha.4)
  oily_png
  rb-fsevent
  sass
